GEM
  remote: https://rubygems.org/
  specs:
    awesome_print (1.8.0)
    json (2.1.0)
    logger (1.2.8)
    mini_portile2 (2.3.0)
    mysql2 (0.4.9)
    net-ldap (0.16.1)
    sequel (5.1.0)
    tiny_tds (1.3.0)
      mini_portile2 (~> 2.0)

PLATFORMS
  ruby

DEPENDENCIES
  awesome_print
  json
  logger
  mysql2
  net-ldap
  sequel
  tiny_tds (~> 1.3.0)

BUNDLED WITH
   1.15.4
