GEM
  remote: https://rubygems.org/
  specs:
    awesome_print (1.8.0)
    facets (3.1.0)
    json (2.1.0)
    kiba (0.6.1)
    logger (1.2.8)
    mini_portile2 (2.3.0)
    mysql2 (0.5.1)
    net-ldap (0.16.1)
    sequel (5.7.1)
    tiny_tds (1.3.0)
      mini_portile2 (~> 2.0)

PLATFORMS
  ruby

DEPENDENCIES
  awesome_print
  facets
  json
  kiba (~> 0.6.0)
  logger
  mysql2
  net-ldap
  sequel
  tiny_tds (~> 1.3.0)

BUNDLED WITH
   1.15.4
